GEM
  remote: https://rubygems.org/
  specs:
    colorize (1.1.0)
    console_table (0.3.1)
    yajl-ruby (1.4.3)

PLATFORMS
  arm64-darwin-23
  ruby

DEPENDENCIES
  colorize
  console_table
  yajl-ruby

RUBY VERSION
   ruby 3.3.0p0

BUNDLED WITH
   2.3.26
